PATH
  remote: .
  specs:
    pipely (0.0.7)
      rake
      ruby-graphviz
      virtus

GEM
  remote: http://rubygems.org/
  specs:
    backports (3.3.4)
    cane (2.6.0)
      parallel
    descendants_tracker (0.0.1)
    diff-lcs (1.2.4)
    parallel (0.8.2)
    rake (10.1.0)
    rspec (2.13.0)
      rspec-core (~> 2.13.0)
      rspec-expectations (~> 2.13.0)
      rspec-mocks (~> 2.13.0)
    rspec-core (2.13.1)
    rspec-expectations (2.13.0)
      diff-lcs (>= 1.1.3, < 2.0)
    rspec-mocks (2.13.1)
    ruby-graphviz (1.0.9)
    virtus (0.5.5)
      backports (~> 3.3)
      descendants_tracker (~> 0.0.1)

PLATFORMS
  ruby

DEPENDENCIES
  cane
  pipely!
  rspec
